GEM
  remote: https://rubygems.org/
  specs:
    adsf (1.5.2)
      rack (>= 1.0.0, < 4.0.0)
      rackup (~> 2.1)
    bobkit (0.2.3)
      coffee-script (~> 2.4)
      filewatcher (~> 2.0)
      i18n (~> 1.7)
      mini_racer (~> 0.6)
      rdiscount (~> 2.2)
      sasstool (~> 0.2)
      slim (>= 4.0, < 6.0)
    byebug (11.1.3)
    cgi (0.4.1)
    coffee-script (2.4.1)
      coffee-script-source
      execjs
    coffee-script-source (1.12.2)
    colsole (1.0.0)
    concurrent-ruby (1.3.5)
    docopt_ng (0.7.1)
    erb (4.0.4)
      cgi (>= 0.3.3)
    execjs (2.10.0)
    extended_yaml (0.2.3)
    ffi (1.17.1-x86_64-linux-gnu)
    filewatcher (2.1.0)
      module_methods (~> 0.1.0)
    gtx (0.1.1)
      erb (~> 4.0)
    i18n (1.14.7)
      concurrent-ruby (~> 1.0)
    libv8-node (22.7.0.4-x86_64-linux)
    mini_racer (0.15.0)
      libv8-node (~> 22.7.0.1)
    mister_bin (0.8.1)
      colsole (>= 0.8.1, < 2)
      docopt_ng (~> 0.7, >= 0.7.1)
    module_methods (0.1.0)
    nio4r (2.7.4)
    puma (6.6.0)
      nio4r (~> 2.0)
    rack (3.1.10)
    rackup (2.2.1)
      rack (>= 3)
    rdiscount (2.2.7.3)
    requires (1.1.0)
    runfile (1.0.2)
      colsole (>= 0.8.2, < 2.0)
      docopt_ng (~> 0.7, >= 0.7.1)
      gtx (~> 0.1)
      requires (>= 0.2, < 2.0)
    sassc (2.4.0)
      ffi (~> 1.9)
    sasstool (0.2.3)
      colsole (>= 0.8.1, < 2)
      filewatcher (~> 2.0)
      mister_bin (~> 0.7)
      sassc (~> 2.4)
    slim (5.2.1)
      temple (~> 0.10.0)
      tilt (>= 2.1.0)
    sting (0.5.1)
      extended_yaml (~> 0.2)
    temple (0.10.3)
    tilt (2.6.0)

PLATFORMS
  x86_64-linux

DEPENDENCIES
  adsf
  bobkit
  byebug
  colsole
  puma
  runfile
  sting

BUNDLED WITH
   2.6.2
