GEM
  remote: https://rubygems.org/
  specs:
    adsf (1.4.6)
      rack (>= 1.0.0, < 3.0.0)
    bobkit (0.2.2)
      coffee-script (~> 2.4)
      filewatcher (~> 2.0)
      i18n (~> 1.7)
      mini_racer (~> 0.6)
      rdiscount (~> 2.2)
      sasstool (~> 0.2)
      slim (~> 4.0)
    byebug (11.1.3)
    coffee-script (2.4.1)
      coffee-script-source
      execjs
    coffee-script-source (1.12.2)
    colsole (0.7.2)
    concurrent-ruby (1.1.10)
    docopt (0.6.1)
    execjs (2.8.1)
    extended_yaml (0.2.3)
    ffi (1.15.5)
    filewatcher (2.0.0)
    i18n (1.12.0)
      concurrent-ruby (~> 1.0)
    libv8-node (16.10.0.0-x86_64-linux)
    mini_racer (0.6.3)
      libv8-node (~> 16.10.0.0)
    mister_bin (0.7.1)
      colsole (~> 0.5)
      docopt (~> 0.6)
    nio4r (2.5.8)
    puma (6.0.0)
      nio4r (~> 2.0)
    rack (2.2.4)
    rdiscount (2.2.7)
    runfile (0.12.0)
      docopt (~> 0.5)
    sassc (2.4.0)
      ffi (~> 1.9)
    sasstool (0.2.2)
      colsole (~> 0.7)
      filewatcher (~> 2.0)
      mister_bin (~> 0.7)
      sassc (~> 2.4)
    slim (4.1.0)
      temple (>= 0.7.6, < 0.9)
      tilt (>= 2.0.6, < 2.1)
    sting (0.5.1)
      extended_yaml (~> 0.2)
    temple (0.8.2)
    tilt (2.0.11)

PLATFORMS
  x86_64-linux

DEPENDENCIES
  adsf
  bobkit
  byebug
  colsole
  puma
  runfile
  sting

BUNDLED WITH
   2.3.24
