GEM
  remote: https://rubygems.org/
  specs:
    adsf (1.4.2)
      rack (>= 1.0.0, < 3.0.0)
    bobkit (0.1.8)
      coffee-script (~> 2.4)
      filewatcher (~> 1.0)
      i18n (~> 1.0)
      rdiscount (~> 2.2)
      sass (~> 3.5)
      sass-globbing (~> 1.1)
      slim (~> 3.0)
      therubyracer (~> 0.12)
    byebug (11.0.1)
    coffee-script (2.4.1)
      coffee-script-source
      execjs
    coffee-script-source (1.12.2)
    colsole (0.5.4)
    concurrent-ruby (1.1.5)
    docopt (0.6.1)
    execjs (2.7.0)
    ffi (1.11.1)
    filewatcher (1.1.1)
      optimist (~> 3.0)
    i18n (1.6.0)
      concurrent-ruby (~> 1.0)
    libv8 (3.16.14.19)
    nio4r (2.4.0)
    optimist (3.0.0)
    puma (4.1.0)
      nio4r (~> 2.0)
    rack (2.0.7)
    rb-fsevent (0.10.3)
    rb-inotify (0.10.0)
      ffi (~> 1.0)
    rdiscount (2.2.0.1)
    ref (2.0.0)
    runfile (0.11.0)
      colsole (~> 0.5)
      docopt (~> 0.5)
    sass (3.7.4)
      sass-listen (~> 4.0.0)
    sass-globbing (1.1.5)
      sass (>= 3.1)
    sass-listen (4.0.0)
      rb-fsevent (~> 0.9, >= 0.9.4)
      rb-inotify (~> 0.9, >= 0.9.7)
    slim (3.0.9)
      temple (>= 0.7.6, < 0.9)
      tilt (>= 1.3.3, < 2.1)
    sting (0.2.0)
    temple (0.8.1)
    therubyracer (0.12.3)
      libv8 (~> 3.16.14.15)
      ref
    tilt (2.0.9)

PLATFORMS
  ruby

DEPENDENCIES
  adsf
  bobkit
  byebug
  puma
  runfile
  sting

BUNDLED WITH
   2.0.1
