GEM
  remote: https://rubygems.org/
  specs:
    adsf (1.4.3)
      rack (>= 1.0.0, < 3.0.0)
    bobkit (0.1.9)
      coffee-script (~> 2.4)
      filewatcher (~> 1.1)
      i18n (~> 1.7)
      mini_racer (~> 0.2)
      rdiscount (~> 2.2)
      sass (~> 3.7)
      sass-globbing (~> 1.1)
      slim (~> 4.0)
    byebug (11.1.3)
    coffee-script (2.4.1)
      coffee-script-source
      execjs
    coffee-script-source (1.12.2)
    colsole (0.7.2)
    concurrent-ruby (1.1.6)
    docopt (0.6.1)
    execjs (2.7.0)
    extended_yaml (0.2.1)
    ffi (1.13.1)
    filewatcher (1.1.1)
      optimist (~> 3.0)
    i18n (1.8.3)
      concurrent-ruby (~> 1.0)
    libv8 (7.3.492.27.1)
    mini_racer (0.2.14)
      libv8 (> 7.3)
    nio4r (2.5.2)
    optimist (3.0.1)
    puma (4.3.5)
      nio4r (~> 2.0)
    rack (2.2.3)
    rb-fsevent (0.10.4)
    rb-inotify (0.10.1)
      ffi (~> 1.0)
    rdiscount (2.2.0.1)
    runfile (0.11.1)
      colsole (~> 0.5)
      docopt (~> 0.5)
    sass (3.7.4)
      sass-listen (~> 4.0.0)
    sass-globbing (1.1.5)
      sass (>= 3.1)
    sass-listen (4.0.0)
      rb-fsevent (~> 0.9, >= 0.9.4)
      rb-inotify (~> 0.9, >= 0.9.7)
    slim (4.1.0)
      temple (>= 0.7.6, < 0.9)
      tilt (>= 2.0.6, < 2.1)
    sting (0.4.0)
      extended_yaml (~> 0.2)
    temple (0.8.2)
    tilt (2.0.10)

PLATFORMS
  ruby

DEPENDENCIES
  adsf
  bobkit
  byebug
  puma
  runfile
  sting

BUNDLED WITH
   2.1.4
